PATH
  remote: .
  specs:
    excon (0.52.0)

GEM
  remote: http://rubygems.org/
  specs:
    activesupport (5.0.0.1)
      concurrent-ruby (~> 1.0, >= 1.0.2)
      i18n (~> 0.7)
      minitest (~> 5.1)
      tzinfo (~> 1.1)
    backports (3.6.8)
    chronic (0.10.2)
    concurrent-ruby (1.0.2)
    delorean (2.1.0)
      chronic
    diff-lcs (1.2.5)
    eventmachine (1.2.0.1)
    formatador (0.2.5)
    i18n (0.7.0)
    json (1.8.3)
    kgio (2.10.0)
    minitest (5.9.0)
    multi_json (1.12.1)
    open4 (1.3.4)
    puma (3.6.0)
    rack (1.6.4)
    rack-protection (1.5.3)
      rack
    rack-test (0.6.3)
      rack (>= 1.0)
    raindrops (0.17.0)
    rake (11.2.2)
    rdoc (4.2.2)
      json (~> 1.4)
    rspec (3.5.0)
      rspec-core (~> 3.5.0)
      rspec-expectations (~> 3.5.0)
      rspec-mocks (~> 3.5.0)
    rspec-core (3.5.2)
      rspec-support (~> 3.5.0)
    rspec-expectations (3.5.0)
      diff-lcs (>= 1.2.0, < 2.0)
      rspec-support (~> 3.5.0)
    rspec-mocks (3.5.0)
      diff-lcs (>= 1.2.0, < 2.0)
      rspec-support (~> 3.5.0)
    rspec-support (3.5.0)
    shindo (0.3.8)
      formatador (>= 0.1.1)
    sinatra (1.4.7)
      rack (~> 1.5)
      rack-protection (~> 1.4)
      tilt (>= 1.3, < 3)
    sinatra-contrib (1.4.7)
      backports (>= 2.0)
      multi_json
      rack-protection
      rack-test
      sinatra (~> 1.4.0)
      tilt (>= 1.3, < 3)
    thread_safe (0.3.5)
    tilt (2.0.5)
    tzinfo (1.2.2)
      thread_safe (~> 0.1)
    unicorn (5.1.0)
      kgio (~> 2.6)
      raindrops (~> 0.7)

PLATFORMS
  ruby

DEPENDENCIES
  activesupport
  delorean
  eventmachine (>= 1.0.4)
  excon!
  json (>= 1.8.2)
  open4
  puma
  rack (~> 1.6)
  rake
  rdoc
  rspec (>= 3.5.0)
  shindo
  sinatra
  sinatra-contrib
  unicorn

BUNDLED WITH
   1.12.5
